GEM
  remote: http://rubygems.org/
  specs:
    directory_watcher (1.4.1)
    haml (3.1.7)
    libv8 (3.11.8.13)
    posix-spawn (0.3.6)
    pygments.rb (0.3.7)
      posix-spawn (~> 0.3.6)
      yajl-ruby (~> 1.1.0)
    rdiscount (1.6.8)
    ref (1.0.2)
    rubypants (0.2.0)
    therubyracer (0.11.3)
      libv8 (~> 3.11.8.12)
      ref
    yajl-ruby (1.1.0)

PLATFORMS
  ruby

DEPENDENCIES
  directory_watcher
  haml
  pygments.rb
  rdiscount
  rubypants
  therubyracer
