GEM
  remote: http://rubygems.org/
  specs:
    blankslate (2.1.2.4)
    ffi (1.0.11)
    haml (3.1.7)
    libv8 (3.3.10.4)
    pygments.rb (0.2.13)
      rubypython (~> 0.5.3)
    rdiscount (1.6.8)
    rubypants (0.2.0)
    rubypython (0.5.3)
      blankslate (>= 2.1.2.3)
      ffi (~> 1.0.7)
    therubyracer (0.10.2)
      libv8 (~> 3.3.10)

PLATFORMS
  ruby

DEPENDENCIES
  haml
  pygments.rb
  rdiscount
  rubypants
  therubyracer
